GEM
  remote: https://rubygems.org/
  specs:
    byebug (9.0.6)
    coderay (1.1.1)
    diff-lcs (1.2.5)
    git (1.2.5)
    json_pure (1.5.0)
    method_source (0.8.2)
    multi_json (1.5.0)
    pry (0.10.4)
      coderay (~> 1.1.0)
      method_source (~> 0.8.1)
      slop (~> 3.4)
    pry-byebug (3.4.2)
      byebug (~> 9.0)
      pry (~> 0.10)
    rake (11.3.0)
    rdoc (3.9.4)
    rspec (2.99.0)
      rspec-core (~> 2.99.0)
      rspec-expectations (~> 2.99.0)
      rspec-mocks (~> 2.99.0)
    rspec-core (2.99.2)
    rspec-expectations (2.99.2)
      diff-lcs (>= 1.1.3, < 2.0)
    rspec-mocks (2.99.2)
    rubyforge (2.0.4)
      json_pure (>= 1.1.7)
    simplecov (0.7.1)
      multi_json (~> 1.0)
      simplecov-html (~> 0.7.1)
    simplecov-html (0.7.1)
    slop (3.6.0)
    technicalpickles-jeweler (1.2.1)
      git (>= 1.2.1)
      rubyforge

PLATFORMS
  java
  ruby
  x86-mingw32

DEPENDENCIES
  pry
  pry-byebug
  rake (~> 11.0)
  rdoc
  rspec (~> 2.99.0)
  rubyforge
  simplecov
  technicalpickles-jeweler

BUNDLED WITH
   1.15.4
